GEM
  remote: https://rubygems.org/
  specs:
    celluloid (0.15.2)
      timers (~> 1.1.0)
    celluloid-io (0.15.0)
      celluloid (>= 0.15.0)
      nio4r (>= 0.5.0)
    coderay (1.0.9)
    http (0.5.0)
      http_parser.rb
    http_parser.rb (0.6.0)
    method_source (0.8.2)
    nio4r (1.0.0)
    oj (2.5.4)
    pry (0.9.12.2)
      coderay (~> 1.0.5)
      method_source (~> 0.8)
      slop (~> 3.4)
    reel (0.4.0)
      celluloid (>= 0.15.1)
      celluloid-io (>= 0.15.0)
      http (>= 0.5.0)
      http_parser.rb (>= 0.6.0.beta.2)
      websocket_parser (>= 0.1.4)
    slop (3.4.6)
    timers (1.1.0)
    websocket_parser (0.1.5)
      http

PLATFORMS
  ruby

DEPENDENCIES
  celluloid (~> 0.15.2)
  oj
  pry
  reel (~> 0.4.0)
